GEM
  remote: https://rubygems.org/
  specs:
    listen (0.6.0)
    rb-fsevent (0.9.3)

PLATFORMS
  ruby

DEPENDENCIES
  listen
  rb-fsevent (~> 0.9.3)
